PATH
  remote: .
  specs:
    rubyserial (0.0.1)
      ffi (~> 1.9.3)

GEM
  remote: http://rubygems.org/
  specs:
    ffi (1.9.3)

PLATFORMS
  ruby

DEPENDENCIES
  rubyserial!
